PATH
  remote: .
  specs:
    blurrily (0.0.1)
      activesupport
      eventmachine
      json

GEM
  remote: https://rubygems.org/
  specs:
    activesupport (3.2.13)
      i18n (= 0.6.1)
      multi_json (~> 1.0)
    coderay (1.0.9)
    eventmachine (1.0.3)
    i18n (0.6.1)
    json (1.7.7)
    method_source (0.8.1)
    multi_json (1.7.2)
    progressbar (0.20.0)
    pry (0.9.12)
      coderay (~> 1.0.5)
      method_source (~> 0.8)
      slop (~> 3.4)
    pry-doc (0.4.5)
      pry (>= 0.9)
      yard (>= 0.8)
    pry-nav (0.2.3)
      pry (~> 0.9.10)
    rake (10.0.3)
    rake-compiler (0.8.3)
      rake
    slop (3.4.4)
    yard (0.8.5.2)

PLATFORMS
  ruby

DEPENDENCIES
  blurrily!
  progressbar
  pry
  pry-doc
  pry-nav
  rake
  rake-compiler
